GEM
  remote: https://rubygems.org/
  specs:
    actionmailer (2.3.18)
      actionpack (= 2.3.18)
    actionpack (2.3.18)
      activesupport (= 2.3.18)
      rack (~> 1.1.0)
    activerecord (2.3.18)
      activesupport (= 2.3.18)
    activeresource (2.3.18)
      activesupport (= 2.3.18)
    activesupport (2.3.18)
    annotate (2.4.0)
    factory_girl (1.2.3)
    hoe (3.13.1)
      rake (>= 0.8, < 11.0)
    mini_portile (0.6.2)
    mysql (2.9.1)
    nokogiri (1.6.6.2)
      mini_portile (~> 0.6.0)
    rack (1.1.6)
    rack-test (0.6.3)
      rack (>= 1.0)
    rails (2.3.18)
      actionmailer (= 2.3.18)
      actionpack (= 2.3.18)
      activerecord (= 2.3.18)
      activeresource (= 2.3.18)
      activesupport (= 2.3.18)
      rake (>= 0.8.3)
    rake (0.9.2.2)
    rspec (1.3.0)
    rspec-rails (1.3.2)
      rack (>= 1.0.0)
      rspec (>= 1.3.0)
    test-unit (1.2.3)
      hoe (>= 1.5.1)
    webrat (0.7.3)
      nokogiri (>= 1.2.0)
      rack (>= 1.0)
      rack-test (>= 0.5.3)
    will_paginate (2.3.12)

PLATFORMS
  ruby

DEPENDENCIES
  annotate (= 2.4.0)
  bundler (= 1.10.5)
  factory_girl (~> 1.2.3)
  mysql (= 2.9.1)
  rails (= 2.3.18)
  rspec (= 1.3.0)
  rspec-rails (= 1.3.2)
  test-unit (= 1.2.3)
  webrat (= 0.7.3)
  will_paginate (= 2.3.12)

BUNDLED WITH
   1.10.5
