GEM
  remote: https://rubygems.org/
  specs:
    actionmailer (2.3.18)
      actionpack (= 2.3.18)
    actionpack (2.3.18)
      activesupport (= 2.3.18)
      rack (~> 1.1.0)
    activerecord (2.3.18)
      activesupport (= 2.3.18)
    activeresource (2.3.18)
      activesupport (= 2.3.18)
    activesupport (2.3.18)
    hoe (3.13.1)
      rake (>= 0.8, < 11.0)
    mysql (2.9.1)
    rack (1.1.6)
    rails (2.3.18)
      actionmailer (= 2.3.18)
      actionpack (= 2.3.18)
      activerecord (= 2.3.18)
      activeresource (= 2.3.18)
      activesupport (= 2.3.18)
      rake (>= 0.8.3)
    rake (0.9.2.2)
    rspec (1.3.0)
    rspec-rails (1.3.2)
      rack (>= 1.0.0)
      rspec (>= 1.3.0)
    test-unit (1.2.3)
      hoe (>= 1.5.1)
    will_paginate (2.3.12)

PLATFORMS
  ruby

DEPENDENCIES
  mysql (= 2.9.1)
  rails (= 2.3.18)
  rspec (= 1.3.0)
  rspec-rails (= 1.3.2)
  test-unit (= 1.2.3)
  will_paginate (= 2.3.12)

BUNDLED WITH
   1.10.5
